GEM
  remote: https://rubygems.org/
  specs:
    aws-sdk (2.10.16)
      aws-sdk-resources (= 2.10.16)
    aws-sdk-core (2.10.16)
      aws-sigv4 (~> 1.0)
      jmespath (~> 1.0)
    aws-sdk-resources (2.10.16)
      aws-sdk-core (= 2.10.16)
    aws-sigv4 (1.0.1)
    jmespath (1.3.1)
    redcarpet (3.4.0)

PLATFORMS
  ruby

DEPENDENCIES
  aws-sdk
  redcarpet

BUNDLED WITH
   1.14.6
